PATH
  remote: .
  specs:
    solid_callback (1.0.1)

GEM
  remote: https://rubygems.org/
  specs:
    diff-lcs (1.6.0)
    rake (13.2.1)
    rspec (3.13.0)
      rspec-core (~> 3.13.0)
      rspec-expectations (~> 3.13.0)
      rspec-mocks (~> 3.13.0)
    rspec-core (3.13.3)
      rspec-support (~> 3.13.0)
    rspec-expectations (3.13.3)
      diff-lcs (>= 1.2.0, < 2.0)
      rspec-support (~> 3.13.0)
    rspec-mocks (3.13.2)
      diff-lcs (>= 1.2.0, < 2.0)
      rspec-support (~> 3.13.0)
    rspec-support (3.13.2)
    yard (0.9.37)

PLATFORMS
  x86_64-darwin-23

DEPENDENCIES
  bundler (~> 2.0)
  rake (~> 13.0)
  rspec (~> 3.0)
  solid_callback!
  yard

BUNDLED WITH
   2.2.33
